PATH
  remote: .
  specs:
    dependency_bumper (0.1.0)
      bundler (~> 2.1)
      git (~> 1.7)
      thor (~> 0.19)
      zeitwerk (~> 2.3)

GEM
  remote: https://rubygems.org/
  specs:
    byebug (11.1.3)
    console (1.9.0)
    diff-lcs (1.4.4)
    git (1.7.0)
      rchardet (~> 1.8)
    rake (12.3.3)
    rchardet (1.8.0)
    rspec (3.9.0)
      rspec-core (~> 3.9.0)
      rspec-expectations (~> 3.9.0)
      rspec-mocks (~> 3.9.0)
    rspec-core (3.9.2)
      rspec-support (~> 3.9.3)
    rspec-expectations (3.9.2)
      diff-lcs (>= 1.2.0, < 2.0)
      rspec-support (~> 3.9.0)
    rspec-mocks (3.9.1)
      diff-lcs (>= 1.2.0, < 2.0)
      rspec-support (~> 3.9.0)
    rspec-support (3.9.3)
    thor (0.20.3)
    zeitwerk (2.4.0)

PLATFORMS
  ruby

DEPENDENCIES
  byebug (~> 11.1, >= 11.1.3)
  console (~> 1.8)
  dependency_bumper!
  rake (~> 12.0)
  rspec (~> 3.0)

BUNDLED WITH
   2.1.4
