GEM
  remote: https://rubygems.org/
  specs:
    parslet (1.8.2)
    thor (0.20.3)
    zeitwerk (2.4.0)

PLATFORMS
  ruby

DEPENDENCIES
  parslet (~> 1.8.2)
  thor (~> 0.20.3)
  zeitwerk (~> 2.3)

BUNDLED WITH
   2.1.4
